GIT
  remote: git://github.com/intridea/omniauth-oauth2.git
  revision: a022bc00f5cc08c69043317673f9b8d0542ba15c
  specs:
    omniauth-oauth2 (1.1.2)
      faraday (>= 0.8, < 0.10)
      multi_json (~> 1.3)
      oauth2 (~> 0.9.3)
      omniauth (~> 1.2)

PATH
  remote: .
  specs:
    omniauth-boletosimples (0.0.5)
      omniauth-oauth2 (~> 1.1.2)

GEM
  remote: https://rubygems.org/
  specs:
    diff-lcs (1.2.5)
    faraday (0.9.0)
      multipart-post (>= 1.2, < 3)
    hashie (2.1.0)
    json (1.8.1)
    jwt (0.1.11)
      multi_json (>= 1.5)
    multi_json (1.9.2)
    multi_xml (0.5.5)
    multipart-post (2.0.0)
    oauth2 (0.9.3)
      faraday (>= 0.8, < 0.10)
      jwt (~> 0.1.8)
      multi_json (~> 1.3)
      multi_xml (~> 0.5)
      rack (~> 1.2)
    omniauth (1.2.1)
      hashie (>= 1.2, < 3)
      rack (~> 1.0)
    rack (1.5.2)
    rake (10.2.2)
    rspec (2.14.1)
      rspec-core (~> 2.14.0)
      rspec-expectations (~> 2.14.0)
      rspec-mocks (~> 2.14.0)
    rspec-core (2.14.8)
    rspec-expectations (2.14.5)
      diff-lcs (>= 1.1.3, < 2.0)
    rspec-mocks (2.14.6)

PLATFORMS
  ruby

DEPENDENCIES
  json
  omniauth-boletosimples!
  omniauth-oauth2 (~> 1.1.1)!
  rake
  rspec (~> 2.14)
